PATH
  remote: .
  specs:
    yoolk_auth (0.1.2)
      rack

GEM
  remote: https://rubygems.org/
  specs:
    diff-lcs (1.1.3)
    rack (1.4.1)
    rspec (2.11.0)
      rspec-core (~> 2.11.0)
      rspec-expectations (~> 2.11.0)
      rspec-mocks (~> 2.11.0)
    rspec-core (2.11.1)
    rspec-expectations (2.11.2)
      diff-lcs (~> 1.1.3)
    rspec-mocks (2.11.2)

PLATFORMS
  ruby

DEPENDENCIES
  rspec (~> 2.11)
  yoolk_auth!
